GEM
  remote: https://rubygems.org/
  specs:
    builder (3.2.4)
    cucumber (2.0.0)
      builder (>= 2.1.2)
      cucumber-core (~> 1.1.3)
      diff-lcs (>= 1.1.3)
      gherkin (~> 2.12)
      multi_json (>= 1.7.5, < 2.0)
      multi_test (>= 0.1.2)
    cucumber-core (1.1.3)
      gherkin (~> 2.12.0)
    diff-lcs (1.5.0)
    gherkin (2.12.2)
      multi_json (~> 1.3)
    multi_json (1.15.0)
    multi_test (0.1.2)

PLATFORMS
  x86_64-darwin-20

DEPENDENCIES
  cucumber (= 2.0.0)

BUNDLED WITH
   2.3.7
